GEM
  remote: https://rubygems.org/
  specs:
    mini_magick (4.6.1)

PLATFORMS
  ruby

DEPENDENCIES
  mini_magick

BUNDLED WITH
   1.13.3
